GEM
  remote: http://rubygems.org/
  specs:
    haml (3.1.1)
    mustache (0.99.3)
    rack (1.2.2)
    sinatra (1.2.6)
      rack (~> 1.1)
      tilt (< 2.0, >= 1.2.2)
    tilt (1.3)

PLATFORMS
  ruby

DEPENDENCIES
  haml
  mustache
  sinatra
