GEM
  remote: http://rubygems.org/
  specs:
    activemodel (6.0.2.1)
      activesupport (= 6.0.2.1)
    activesupport (6.0.2.1)
      concurrent-ruby (~> 1.0, >= 1.0.2)
      i18n (>= 0.7, < 2)
      minitest (~> 5.1)
      tzinfo (~> 1.1)
      zeitwerk (~> 2.2)
    addressable (2.3.8)
    aes_key_wrap (1.0.1)
    attr_required (1.0.1)
    bindata (2.4.5)
    concurrent-ruby (1.1.6)
    haml (3.1.1)
    httpclient (2.8.3)
    i18n (1.8.2)
      concurrent-ruby (~> 1.0)
    json (1.5.1)
    json-jwt (1.11.0)
      activesupport (>= 4.2)
      aes_key_wrap
      bindata
    mail (2.6.3)
      mime-types (>= 1.16, < 3)
    maruku (0.7.2)
    mime-types (2.4.3)
    minitest (5.14.0)
    multi_json (1.14.1)
    mustache (0.99.4)
    openid_connect (0.8.3)
      activemodel
      attr_required (>= 0.0.5)
      json (>= 1.4.3)
      json-jwt (>= 0.5.5)
      rack-oauth2 (>= 1.0.0)
      swd (>= 0.1.2)
      tzinfo
      validate_email
      validate_url
      webfinger (>= 0.0.2)
    rack (1.6.13)
    rack-oauth2 (1.10.1)
      activesupport
      attr_required
      httpclient
      json-jwt (>= 1.11.0)
      rack
    sinatra (1.2.6)
      rack (~> 1.1)
      tilt (>= 1.2.2, < 2.0)
    sinatra-mustache (0.0.3)
      mustache (~> 0.99.3)
      sinatra (~> 1.2.3)
      tilt (~> 1.2.2)
    swd (1.1.2)
      activesupport (>= 3)
      attr_required (>= 0.0.5)
      httpclient (>= 2.4)
    thread_safe (0.3.6)
    tilt (1.2.2)
    tzinfo (1.2.6)
      thread_safe (~> 0.1)
    validate_email (0.1.6)
      activemodel (>= 3.0)
      mail (>= 2.2.5)
    validate_url (1.0.0)
      activemodel (>= 3.0.0)
      addressable
    webfinger (1.0.1)
      activesupport
      httpclient (>= 2.4)
      multi_json
    zeitwerk (2.2.2)

PLATFORMS
  ruby

DEPENDENCIES
  haml
  json
  maruku
  mustache
  openid_connect
  sinatra
  sinatra-mustache (= 0.0.3)
