GEM
  remote: https://rubygems.org/
  specs:
    haml (5.1.2)
      temple (>= 0.8.0)
      tilt
    mustache (0.99.8)
    rack (1.6.13)
    rack-protection (1.5.5)
      rack
    rake (13.0.1)
    rdiscount (2.2.0.1)
    sinatra (1.4.8)
      rack (~> 1.5)
      rack-protection (~> 1.4)
      tilt (>= 1.3, < 3)
    sinatra-mustache (0.3.2)
      mustache (~> 0.99, >= 0.99.6)
      sinatra (~> 1.4, ~> 1.3)
      tilt (>= 1.3, <= 2.0)
    temple (0.8.2)
    tilt (2.0.0)

PLATFORMS
  ruby

DEPENDENCIES
  haml
  mustache
  rake
  rdiscount
  sinatra
  sinatra-mustache

RUBY VERSION
   ruby 2.7.0p0

BUNDLED WITH
   2.1.2
