GEM
  remote: http://rubygems.org/
  specs:
    haml (3.1.1)
    linkedin (0.2.2)
      nokogiri (~> 1.4.4)
      oauth (~> 0.4.0)
    mustache (0.99.4)
    nokogiri (1.4.4)
    oauth (0.4.4)
    rack (1.3.0)
    sinatra (1.2.6)
      rack (~> 1.1)
      tilt (< 2.0, >= 1.2.2)
    sinatra-mustache (0.0.3)
      mustache (~> 0.99.3)
      sinatra (~> 1.2.3)
      tilt (~> 1.2.2)
    tilt (1.2.2)

PLATFORMS
  ruby

DEPENDENCIES
  haml
  linkedin
  mustache
  sinatra
  sinatra-mustache (= 0.0.3)
